GEM
  remote: https://rubygems.org/
  specs:
    active_support (3.0.0)
      activesupport (= 3.0.0)
    activesupport (3.0.0)
    geocoder (1.1.8)
    oj (2.1.4)

PLATFORMS
  ruby

DEPENDENCIES
  active_support
  geocoder
  oj
